GIT
  remote: https://github.com/puppetlabs/pdksync
  revision: b0f66cf78ef07ebe5ceb5f4f2890618969904c98
  ref: b0f66cf78ef07ebe5ceb5f4f2890618969904c98
  specs:
    pdksync (0.5.0)
      colorize
      git (~> 1.3)
      gitlab
      jenkins_api_client
      octokit
      pdk (>= 1.14.1)
      rake

GEM
  remote: https://rubygems.org/
  specs:
    addressable (2.8.1)
      public_suffix (>= 2.0.2, < 6.0)
    childprocess (4.0.0)
    coderay (1.1.2)
    colorize (0.8.1)
    concurrent-ruby (1.1.10)
    cri (2.15.11)
    deep_merge (1.2.2)
    diff-lcs (1.4.4)
    facter (4.2.14)
      hocon (~> 1.3)
      thor (>= 1.0.1, < 2.0)
    faraday (2.7.4)
      faraday-net_http (>= 2.0, < 3.1)
      ruby2_keywords (>= 0.0.4)
    faraday-net_http (3.0.2)
    fast_gettext (1.1.2)
    ffi (1.15.5)
    gettext (3.2.9)
      locale (>= 2.0.5)
      text (>= 1.3.0)
    gettext-setup (0.34)
      fast_gettext (~> 1.1.0)
      gettext (>= 3.0.2, < 3.3.0)
      locale
    git (1.13.1)
      addressable (~> 2.8)
      rchardet (~> 1.8)
    gitlab (4.14.1)
      httparty (~> 0.14, >= 0.14.0)
      terminal-table (~> 1.5, >= 1.5.1)
    hitimes (2.0.0)
    hocon (1.3.1)
    httparty (0.18.0)
      mime-types (~> 3.0)
      multi_xml (>= 0.5.2)
    httpclient (2.8.3)
    jenkins_api_client (1.5.3)
      json (>= 1.0)
      mixlib-shellout (>= 1.1.0)
      nokogiri (~> 1.6)
      socksify (>= 1.7.0)
      terminal-table (>= 1.4.0)
      thor (>= 0.16.0)
    json (2.3.0)
    json-schema (2.8.0)
      addressable (>= 2.4)
    json_pure (2.5.1)
    locale (2.1.3)
    method_source (1.0.0)
    mime-types (3.3.1)
      mime-types-data (~> 3.2015)
    mime-types-data (3.2019.1009)
    mini_portile2 (2.4.0)
    minitar (0.9)
    mixlib-shellout (3.0.9)
    multi_xml (0.6.0)
    nokogiri (1.10.9)
      mini_portile2 (~> 2.4.0)
    octokit (6.0.1)
      faraday (>= 1, < 3)
      sawyer (~> 0.9)
    pastel (0.8.0)
      tty-color (~> 0.5)
    pathspec (0.2.1)
    pdk (2.6.0)
      bundler (>= 1.15.0, < 3.0.0)
      childprocess (~> 4.0.0)
      concurrent-ruby (~> 1.1.5)
      cri (~> 2.10)
      deep_merge (~> 1.1)
      diff-lcs (>= 1.4.4, < 1.5)
      facter (>= 2.5.1, < 5.0.0)
      ffi (>= 1.9.25, < 2.0.0)
      gettext-setup (~> 0.24)
      hitimes (= 2.0.0)
      httpclient (~> 2.8.3)
      json-schema (= 2.8.0)
      json_pure (~> 2.5.1)
      minitar (~> 0.6)
      pathspec (~> 0.2.1)
      tty-prompt (~> 0.22)
      tty-spinner (~> 0.5)
      tty-which (~> 0.3)
    pry (0.13.1)
      coderay (~> 1.1)
      method_source (~> 1.0)
    public_suffix (5.0.1)
    rake (13.0.1)
    rchardet (1.8.0)
    ruby2_keywords (0.0.5)
    sawyer (0.9.2)
      addressable (>= 2.3.5)
      faraday (>= 0.17.3, < 3)
    socksify (1.7.1)
    terminal-table (1.8.0)
      unicode-display_width (~> 1.1, >= 1.1.1)
    text (1.3.1)
    thor (1.0.1)
    tty-color (0.6.0)
    tty-cursor (0.7.1)
    tty-prompt (0.23.1)
      pastel (~> 0.8)
      tty-reader (~> 0.8)
    tty-reader (0.9.0)
      tty-cursor (~> 0.7)
      tty-screen (~> 0.8)
      wisper (~> 2.0)
    tty-screen (0.8.1)
    tty-spinner (0.9.3)
      tty-cursor (~> 0.7)
    tty-which (0.5.0)
    unicode-display_width (1.7.0)
    wisper (2.0.1)

PLATFORMS
  ruby

DEPENDENCIES
  pdksync!
  pry
  rake

BUNDLED WITH
   1.17.2
